PATH
  remote: .
  specs:
    closeio (2.6.8)
      faraday
      faraday_middleware
      hashie
      json

GEM
  remote: https://rubygems.org/
  specs:
    addressable (2.3.7)
    crack (0.4.2)
      safe_yaml (~> 1.0.0)
    faraday (0.13.1)
      multipart-post (>= 1.2, < 3)
    faraday_middleware (0.12.2)
      faraday (>= 0.7.4, < 1.0)
    hashie (3.5.6)
    json (2.1.0)
    minitest (5.5.1)
    multipart-post (2.0.0)
    rake (10.1.0)
    safe_yaml (1.0.4)
    vcr (2.9.3)
    webmock (1.20.4)
      addressable (>= 2.3.6)
      crack (>= 0.3.2)

PLATFORMS
  ruby

DEPENDENCIES
  bundler
  closeio!
  minitest
  rake
  vcr
  webmock

BUNDLED WITH
   1.16.0.pre.2
